GEM
  specs:
    rack (1.3.4)

PLATFORMS
  ruby

DEPENDENCIES
  rack
